GEM
  remote: http://rubygems.org/
  specs:
    activesupport (3.0.0)
    backports (1.18.1)
    directory_watcher (1.3.2)
    haml (3.0.18)
    monkey-lib (0.5.2)
      backports
    rack (1.2.1)
    shotgun (0.8)
      rack (>= 1.0)
    sinatra (1.0)
      rack (>= 1.0)
    sinatra-advanced-routes (0.5.1)
      monkey-lib (~> 0.5.0)
      sinatra (~> 1.0)
      sinatra-sugar (~> 0.5.0)
    sinatra-reloader (0.5.0)
      sinatra (~> 1.0)
      sinatra-advanced-routes (~> 0.5.0)
    sinatra-sugar (0.5.0)
      monkey-lib (~> 0.5.0)
      sinatra (~> 1.0)
    unicorn (1.1.3)
      rack

PLATFORMS
  ruby

DEPENDENCIES
  activesupport (~> 3.0.0.rc2)
  backports
  directory_watcher (~> 1.3.2)
  haml
  rack (~> 1.2.1)
  shotgun
  sinatra (~> 1.0)
  sinatra-reloader (~> 0.5.0)
  unicorn (~> 1.1.2)
